GEM
  remote: https://rubygems.org/
  specs:
    bcat (0.6.2)
      rack (~> 1.0)
    erubi (1.7.0)
    rack (1.6.8)

PLATFORMS
  ruby

DEPENDENCIES
  bcat
  erubi

BUNDLED WITH
   1.16.1
